GEM
  remote: https://rubygems.org/
  specs:
    activesupport (7.0.6)
      concurrent-ruby (~> 1.0, >= 1.0.2)
      i18n (>= 1.6, < 2)
      minitest (>= 5.1)
      tzinfo (~> 2.0)
    addressable (2.8.5)
      public_suffix (>= 2.0.2, < 6.0)
    asciidoctor (2.0.20)
    bibtex-ruby (6.0.0)
      latex-decode (~> 0.0)
    citeproc (1.0.10)
      namae (~> 1.0)
    citeproc-ruby (1.1.14)
      citeproc (~> 1.0, >= 1.0.9)
      csl (~> 1.6)
    classifier-reborn (2.3.0)
      fast-stemmer (~> 1.0)
      matrix (~> 0.4)
    colorator (1.1.0)
    concurrent-ruby (1.2.2)
    crass (1.0.6)
    csl (1.6.0)
      namae (~> 1.0)
      rexml
    csl-styles (1.0.1.11)
      csl (~> 1.0)
    cssminify2 (2.0.1)
    deep_merge (1.2.2)
    em-websocket (0.5.3)
      eventmachine (>= 0.12.9)
      http_parser.rb (~> 0)
    eventmachine (1.2.7)
    execjs (2.8.1)
    fast-stemmer (1.0.2)
    feedjira (3.2.2)
      loofah (>= 2.3.1)
      sax-machine (>= 1.0)
    ffi (1.15.5)
    forwardable-extended (2.6.0)
    gemoji (4.1.0)
    google-protobuf (3.23.4-x86_64-darwin)
    html-pipeline (2.14.3)
      activesupport (>= 2)
      nokogiri (>= 1.4)
    htmlcompressor (0.4.0)
    http_parser.rb (0.8.0)
    httparty (0.21.0)
      mini_mime (>= 1.0.0)
      multi_xml (>= 0.5.2)
    i18n (1.14.1)
      concurrent-ruby (~> 1.0)
    jekyll (4.3.2)
      addressable (~> 2.4)
      colorator (~> 1.0)
      em-websocket (~> 0.5)
      i18n (~> 1.0)
      jekyll-sass-converter (>= 2.0, < 4.0)
      jekyll-watch (~> 2.0)
      kramdown (~> 2.3, >= 2.3.1)
      kramdown-parser-gfm (~> 1.0)
      liquid (~> 4.0)
      mercenary (>= 0.3.6, < 0.5)
      pathutil (~> 0.9)
      rouge (>= 3.0, < 5.0)
      safe_yaml (~> 1.0)
      terminal-table (>= 1.8, < 4.0)
      webrick (~> 1.7)
    jekyll-archives (2.2.1)
      jekyll (>= 3.6, < 5.0)
    jekyll-diagrams (0.10.0)
      jekyll (>= 3.8, < 5.0)
    jekyll-email-protect (1.1.0)
    jekyll-feed (0.17.0)
      jekyll (>= 3.7, < 5.0)
    jekyll-get-json (1.0.0)
      deep_merge (~> 1.2)
      jekyll (>= 3.0)
    jekyll-imagemagick (1.4.0)
      jekyll (>= 3.4)
    jekyll-jupyter-notebook (0.0.5)
      jekyll
    jekyll-link-attributes (1.0.1)
    jekyll-minifier (0.1.10)
      cssminify2 (~> 2.0)
      htmlcompressor (~> 0.4)
      jekyll (>= 3.5)
      json-minify (~> 0.0.3)
      uglifier (~> 4.1)
    jekyll-paginate-v2 (3.0.0)
      jekyll (>= 3.0, < 5.0)
    jekyll-sass-converter (3.0.0)
      sass-embedded (~> 1.54)
    jekyll-scholar (7.1.3)
      bibtex-ruby (~> 6.0)
      citeproc-ruby (~> 1.0)
      csl-styles (~> 1.0)
      jekyll (~> 4.0)
    jekyll-sitemap (1.4.0)
      jekyll (>= 3.7, < 5.0)
    jekyll-toc (0.18.0)
      jekyll (>= 3.9)
      nokogiri (~> 1.12)
    jekyll-twitter-plugin (2.1.0)
    jekyll-watch (2.2.1)
      listen (~> 3.0)
    jemoji (0.13.0)
      gemoji (>= 3, < 5)
      html-pipeline (~> 2.2)
      jekyll (>= 3.0, < 5.0)
    json (2.6.3)
    json-minify (0.0.3)
      json (> 0)
    kramdown (2.4.0)
      rexml
    kramdown-parser-gfm (1.1.0)
      kramdown (~> 2.0)
    latex-decode (0.4.0)
    libv8-node (18.16.0.0-x86_64-darwin)
    liquid (4.0.4)
    listen (3.8.0)
      rb-fsevent (~> 0.10, >= 0.10.3)
      rb-inotify (~> 0.9, >= 0.9.10)
    loofah (2.21.3)
      crass (~> 1.0.2)
      nokogiri (>= 1.12.0)
    matrix (0.4.2)
    mercenary (0.4.0)
    mini_mime (1.1.2)
    mini_racer (0.8.0)
      libv8-node (~> 18.16.0.0)
    minitest (5.19.0)
    multi_xml (0.6.0)
    namae (1.1.1)
    nokogiri (1.15.3-x86_64-darwin)
      racc (~> 1.4)
    pathutil (0.16.2)
      forwardable-extended (~> 2.6)
    public_suffix (5.0.3)
    racc (1.7.1)
    rb-fsevent (0.11.2)
    rb-inotify (0.10.1)
      ffi (~> 1.0)
    rexml (3.2.6)
    rouge (4.1.3)
    safe_yaml (1.0.5)
    sass-embedded (1.64.2-x86_64-darwin)
      google-protobuf (~> 3.23)
    sax-machine (1.3.2)
    terminal-table (3.0.2)
      unicode-display_width (>= 1.1.1, < 3)
    tzinfo (2.0.6)
      concurrent-ruby (~> 1.0)
    uglifier (4.2.0)
      execjs (>= 0.3.0, < 3)
    unicode-display_width (2.4.2)
    unicode_utils (1.4.0)
    webrick (1.8.1)

PLATFORMS
  x86_64-darwin-22

DEPENDENCIES
  asciidoctor
  classifier-reborn
  feedjira
  httparty
  jekyll
  jekyll-archives
  jekyll-diagrams
  jekyll-email-protect
  jekyll-feed
  jekyll-get-json
  jekyll-imagemagick
  jekyll-jupyter-notebook
  jekyll-link-attributes
  jekyll-minifier
  jekyll-paginate-v2
  jekyll-scholar
  jekyll-sitemap
  jekyll-toc
  jekyll-twitter-plugin
  jemoji
  mini_racer
  unicode_utils
  webrick

BUNDLED WITH
   2.4.18
